GEM
  remote: http://rubygems.org/
  specs:
    columnize (0.3.3)
    daemons (1.1.4)
    eventmachine (0.12.10)
    linecache (0.46)
      rbx-require-relative (> 0.0.4)
    rack (1.3.0)
    rack-test (0.6.0)
      rack (>= 1.0)
    rake (0.9.2)
    rbx-require-relative (0.0.5)
    rspec (1.3.2)
    ruby-debug (0.10.4)
      columnize (>= 0.1)
      ruby-debug-base (~> 0.10.4.0)
    ruby-debug-base (0.10.4)
      linecache (>= 0.3)
    sinatra (1.2.6)
      rack (~> 1.1)
      tilt (>= 1.2.2, < 2.0)
    thin (1.2.11)
      daemons (>= 1.0.9)
      eventmachine (>= 0.12.6)
      rack (>= 1.0.0)
    tilt (1.3.2)

PLATFORMS
  ruby

DEPENDENCIES
  rack
  rack-test
  rake
  rspec (~> 1.3)
  ruby-debug
  sinatra
  thin
